GEM
  remote: https://rubygems.org/
  specs:
    invoice_printer (2.2.0)
      json (~> 2.1)
      prawn (~> 2.2)
      prawn-table (~> 0.2.2)
    invoice_printer_fonts (2.2.0)
      invoice_printer (= 2.2.0)
    invoice_printer_server (2.2.0)
      invoice_printer (= 2.2.0)
      json (~> 2.1)
      puma (>= 3.9.0)
      roda (~> 3.5)
    json (2.6.2)
    matrix (0.4.2)
    nio4r (2.5.8)
    pdf-core (0.9.0)
    prawn (2.4.0)
      pdf-core (~> 0.9.0)
      ttfunk (~> 1.7)
    prawn-table (0.2.2)
      prawn (>= 1.3.0, < 3.0.0)
    puma (5.6.5)
      nio4r (~> 2.0)
    rack (3.0.0)
    roda (3.60.0)
      rack
    ttfunk (1.7.0)

PLATFORMS
  arm64-darwin-21

DEPENDENCIES
  invoice_printer
  invoice_printer_fonts
  invoice_printer_server
  matrix

RUBY VERSION
   ruby 3.1.2p20

BUNDLED WITH
   2.3.21
