GEM
  remote: https://rubygems.org/
  specs:
    bigdecimal (3.2.2)
    e2mmap (0.1.0)
    invoice_printer (2.4.0)
      e2mmap
      json (~> 2.1)
      matrix
      prawn (~> 2.4)
      prawn-table (~> 0.2.2)
    invoice_printer_fonts (2.4.0)
      invoice_printer (= 2.4.0)
    invoice_printer_server (2.4.0)
      invoice_printer (= 2.4.0)
      json (~> 2.1)
      puma (>= 3.9.0)
      roda (~> 3.5)
    json (2.13.2)
    matrix (0.4.3)
    nio4r (2.7.4)
    pdf-core (0.10.0)
    prawn (2.5.0)
      matrix (~> 0.4)
      pdf-core (~> 0.10.0)
      ttfunk (~> 1.8)
    prawn-table (0.2.2)
      prawn (>= 1.3.0, < 3.0.0)
    puma (6.6.0)
      nio4r (~> 2.0)
    rack (3.1.16)
    roda (3.94.0)
      rack
    ttfunk (1.8.0)
      bigdecimal (~> 3.1)

PLATFORMS
  arm64-darwin-24
  ruby

DEPENDENCIES
  invoice_printer
  invoice_printer_fonts
  invoice_printer_server
  matrix

RUBY VERSION
   ruby 3.4.4p34

BUNDLED WITH
   2.6.9
